GEM
  remote: https://rubygems.org/
  specs:
    activemodel (5.0.7.2)
      activesupport (= 5.0.7.2)
    activerecord (5.0.7.2)
      activemodel (= 5.0.7.2)
      activesupport (= 5.0.7.2)
      arel (~> 7.0)
    activesupport (5.0.7.2)
      concurrent-ruby (~> 1.0, >= 1.0.2)
      i18n (>= 0.7, < 2)
      minitest (~> 5.1)
      tzinfo (~> 1.1)
    arel (7.1.4)
    concurrent-ruby (1.3.1)
    faker (1.8.7)
      i18n (>= 0.7)
    i18n (1.14.5)
      concurrent-ruby (~> 1.0)
    minitest (5.15.0)
    rake (12.1.0)
    sqlite3 (1.3.13)
    thread_safe (0.3.6)
    tzinfo (1.2.11)
      thread_safe (~> 0.1)

PLATFORMS
  ruby

DEPENDENCIES
  activerecord (< 5.1.0)
  faker (< 1.8.8)
  rake (< 12.1.1)
  sqlite3 (< 1.3.14)

BUNDLED WITH
   1.16.1
